[System]
Scanner=SkyScan1272
Instrument S/N=15G09089-B
Software Version=1.1.19
Home Directory=C:\SkyScan1272\SkyScan1272
Source Type=HAMAMATSU_L11871_20
Camera Type=XIMEA xiRAY16
Camera Pixel Size (um)=7.4
Camera X/Y Ratio=1.0023
[User]
User Name=haberthu
Computer Name=ANAMIC02
[Acquisition]
Data Directory=D:\Results\Zebra-Fish_Carolina\WT\11
Filename Prefix=ko04~00
Filename Index Length=8
Number Of Files=  482
Number Of Rows= 1092
Number Of Columns= 1632
Partial Width=OFF
Image crop origin X=0
Image crop origin Y=0
Camera binning=3x3
Image Rotation=0.13600
Optical Axis (line)=  580
Camera to Source (mm)=174.07267
Object to Source (mm)=62.72850
Source Voltage (kV)=  70
Source Current (uA)= 142
Image Pixel Size (um)=7.999950
Scaled Image Pixel Size (um)=7.999950
Image Format=TIFF
Depth (bits)=16
Reference Intensity=57000
Camera position=close
Exposure (ms)=862
Rotation Step (deg)=0.400
Use 360 Rotation=NO
Scanning position=40.000 mm
Frame Averaging=ON (3)
Random Movement=OFF (30)
Flat Field Correction=ON
FF updating interval=161
Geometrical Correction=ON
Filter=Al 0.5mm
Gantry direction=CC
Rotation Direction=CC
Type of Detector Motion=STEP AND SHOOT
Scanning Trajectory=ROUND
Number Of Horizontal Offset Positions=1
Number of connected scans=5
Current scan number=1
Number of lines to be reconstructed=831
Study Date and Time=11 Aug 2020  14h:03m:50s
Scan duration=0h:36m:47s
Maximum vertical TS=5.0
[Reconstruction]
Reconstruction Program=NRecon
Program Version=Version: 2.0.0.5
Program Home Directory=C:\SkyScan1272\SkyScan1272
Reconstruction engine=GPUReconServer
Engine version=Version: 2.0.0
Reconstruction from batch=Yes
Postalignment Applied=1
Connected Reconstruction (parts)=5
Sub-scan post alignment [0]=28.500000
Sub-scan post alignment [1]=29.000000
Sub-scan post alignment [2]=30.000000
Sub-scan post alignment [3]=30.000000
Sub-scan post alignment [4]=30.000000
Sub-scan scan length [0]=834
Sub-scan scan length [1]=835
Sub-scan scan length [2]=835
Sub-scan scan length [3]=832
Sub-scan scan length [4]=831
Used extra rotation per scan(deg)= 0.000  0.000  0.000  0.000  0.011 
Used extra shift in X per scan(micron)= 0.000  -3.662  -0.639  2.724  14.044 
Used extra shift in Y per scan(micron)= 0.000  -4.506  -1.043  2.901  -9.342 
Reconstruction servers= ANAMIC02 
Dataset Origin=SkyScan1272
Dataset Prefix=ko04~03
Dataset Directory=D:\Results\Zebrafish_Carolina_Muscles\ko04\proj
Output Directory=D:\Results\Zebrafish_Carolina_Muscles\ko04\rec
Time and Date=30 Apr 2021  10h:48m:53s
First Section=625
Last Section=3407
Reconstruction duration per slice (seconds)=0.212375
Total reconstruction time (2505 slices) in seconds=532.000000
Section to Section Step=1
Sections Count=2783
Result File Type=PNG
Result File Header Length (bytes)=Unknown: compressed JPG format (100%)
Result Image Width (pixels)=1076
Result Image Height (pixels)=652
Pixel Size (um)=7.99995
Reconstruction Angular Range (deg)=192.80
Use 180+=OFF
Angular Step (deg)=0.4000
Smoothing=0
Ring Artifact Correction=7
Draw Scales=OFF
Object Bigger than FOV=OFF
Reconstruction from ROI=ON
ROI Top (pixels)=1282
ROI Bottom (pixels)=628
ROI Left (pixels)=86
ROI Right (pixels)=1165
ROI reference length=1632
Filter cutoff relative to Nyquist frequency=100
Filter type=0
Filter type description=Hamming (Alpha=0.54)
Undersampling factor=1
Threshold for defect pixel mask (%)=0
Beam Hardening Correction (%)=0
CS Static Rotation (deg)=205.77
CS Static Rotation Total(deg)=205.77
Minimum for CS to Image Conversion=0.000000
Maximum for CS to Image Conversion=0.150000
HU Calibration=OFF
BMP LUT=0
Cone-beam Angle Horiz.(deg)=11.882415
Cone-beam Angle Vert.(deg)=7.966494
